GEM
  remote: http://rubygems.org/
  specs:
    coderay (1.0.5)
    i18n (0.6.0)
    method_source (0.7.0)
    pry (0.9.8.2)
      coderay (~> 1.0.5)
      method_source (~> 0.7)
      slop (>= 2.4.4, < 3)
    rack (1.3.2)
    shotgun (0.9)
      rack (>= 1.0)
    sinatra (1.2.6)
      rack (~> 1.1)
      tilt (>= 1.2.2, < 2.0)
    slop (2.4.4)
    tilt (1.3.2)

PLATFORMS
  ruby

DEPENDENCIES
  i18n
  pry
  shotgun
  sinatra
